PATH
  remote: .
  specs:
    jackal-mail (0.1.1)
      jackal
      pony

GEM
  remote: https://rubygems.org/
  specs:
    attribute_struct (0.2.16)
    bogo (0.1.26)
      hashie
      multi_json
    bogo-cli (0.1.20)
      bogo (>= 0.1.6)
      bogo-config
      bogo-ui
      slop (~> 3)
    bogo-config (0.1.12)
      attribute_struct
      bogo (>= 0.1.4, < 1.0)
      multi_json
      multi_xml
    bogo-ui (0.1.10)
      bogo
      command_line_reporter
      paint
    carnivore (0.3.12)
      bogo-config
      celluloid
      hashie
      multi_json
    carnivore-actor (0.1.12)
      carnivore (> 0.1.10)
    celluloid (0.16.0)
      timers (~> 4.0.0)
    childprocess (0.5.6)
      ffi (~> 1.0, >= 1.0.11)
    coderay (1.1.0)
    colored (1.2)
    command_line_reporter (3.3.5)
      colored (>= 1.2)
    ffi (1.9.8)
    hashie (3.4.1)
    hitimes (1.2.2)
    jackal (0.3.6)
      bogo (>= 0.1.24, < 1.0.0)
      bogo-cli (~> 0.1)
      bogo-config (>= 0.1.12, < 1.0.0)
      carnivore (>= 0.3.12, < 1.0.0)
      childprocess
    mail (2.6.3)
      mime-types (>= 1.16, < 3)
    method_source (0.8.2)
    mime-types (2.6.1)
    multi_json (1.11.0)
    multi_xml (0.5.5)
    paint (1.0.0)
    pony (1.11)
      mail (>= 2.0)
    pry (0.10.1)
      coderay (~> 1.1.0)
      method_source (~> 0.8.1)
      slop (~> 3.4)
    slop (3.6.0)
    timers (4.0.1)
      hitimes

PLATFORMS
  ruby

DEPENDENCIES
  carnivore-actor
  jackal-mail!
  pry
